PATH
  remote: .
  specs:
    ruby_docs_cli (0.1.0)

GEM
  remote: https://rubygems.org/
  specs:
    colorize (0.8.1)
    mini_portile2 (2.4.0)
    nokogiri (1.10.10)
      mini_portile2 (~> 2.4.0)
    open-uri (0.1.0)

PLATFORMS
  ruby

DEPENDENCIES
  colorize
  nokogiri
  open-uri
  ruby_docs_cli!

BUNDLED WITH
   2.1.4
